GEM
  specs:
    colorize (1.1.0)

PLATFORMS
  ruby
  x86_64-darwin-23

DEPENDENCIES
  colorize

BUNDLED WITH
   2.5.6
